GEM
  remote: https://rubygems.org/
  specs:
    alfred-workflow (1.2.7)
      logging (~> 1.8.0)
      plist (~> 3.1.0)
    boom (0.2.1)
      json_pure (~> 1.5.1)
    json_pure (1.5.5)
      spruz (~> 0.2.8)
    little-plugger (1.1.3)
    logging (1.8.1)
      little-plugger (>= 1.1.3)
      multi_json (>= 1.3.6)
    multi_json (1.7.2)
    plist (3.1.0)
    spruz (0.2.13)

PLATFORMS
  ruby

DEPENDENCIES
  alfred-workflow (>= 1.1.1)
  boom
  logging
  plist
